GIT
  remote: git://github.com/bokmann/font-awesome-rails.git
  revision: 820b7f011860aa572f096c0739c262278e08a107
  specs:
    font-awesome-rails (3.2.1.3)
      railties (>= 3.2, < 5.0)

GIT
  remote: git://github.com/puma/puma.git
  revision: cc91b6cd511787b3a6d37df7c89d45facadef75f
  specs:
    puma (2.0.0.b7)
      rack (>= 1.1, < 2.0)

GIT
  remote: git://github.com/stormsilver/state_select.git
  revision: 6fe963fe89d87e6e2903f3a6835eda12569e799f
  specs:
    state_select (0.1.0)

GEM
  remote: https://rubygems.org/
  specs:
    actionmailer (3.2.15)
      actionpack (= 3.2.15)
      mail (~> 2.5.4)
    actionpack (3.2.15)
      activemodel (= 3.2.15)
      activesupport (= 3.2.15)
      builder (~> 3.0.0)
      erubis (~> 2.7.0)
      journey (~> 1.0.4)
      rack (~> 1.4.5)
      rack-cache (~> 1.2)
      rack-test (~> 0.6.1)
      sprockets (~> 2.2.1)
    activemodel (3.2.15)
      activesupport (= 3.2.15)
      builder (~> 3.0.0)
    activerecord (3.2.15)
      activemodel (= 3.2.15)
      activesupport (= 3.2.15)
      arel (~> 3.0.2)
      tzinfo (~> 0.3.29)
    activeresource (3.2.15)
      activemodel (= 3.2.15)
      activesupport (= 3.2.15)
    activesupport (3.2.15)
      i18n (~> 0.6, >= 0.6.4)
      multi_json (~> 1.0)
    addressable (2.3.3)
    airbrake (3.1.10)
      activesupport
      builder
      json
    anjlab-bootstrap-rails (3.0.0.2)
      railties (>= 3.0)
      sass (>= 3.2)
    arel (3.0.2)
    bcrypt-ruby (3.0.1)
    better_errors (0.8.0)
      coderay (>= 1.0.0)
      erubis (>= 2.6.6)
    binding_of_caller (0.7.1)
      debug_inspector (>= 0.0.1)
    bourbon (3.1.8)
      sass (>= 3.2.0)
      thor
    builder (3.0.4)
    cancan (1.6.9)
    capybara (2.1.0)
      mime-types (>= 1.16)
      nokogiri (>= 1.3.3)
      rack (>= 1.0.0)
      rack-test (>= 0.5.4)
      xpath (~> 2.0)
    carrierwave (0.8.0)
      activemodel (>= 3.2.0)
      activesupport (>= 3.2.0)
    celluloid (0.14.1)
      timers (>= 1.0.0)
    client_side_validations (3.2.5)
    coderay (1.0.9)
    coffee-rails (3.2.2)
      coffee-script (>= 2.2.0)
      railties (~> 3.2.0)
    coffee-script (2.2.0)
      coffee-script-source
      execjs
    coffee-script-source (1.6.2)
    commonjs (0.2.6)
    connection_pool (1.1.0)
    cookiejar (0.3.0)
    css_parser (1.3.5)
      addressable
    database_cleaner (0.9.1)
    debug_inspector (0.0.2)
    delocalize (0.3.1)
      rails (>= 3.0)
    devise (2.2.3)
      bcrypt-ruby (~> 3.0)
      orm_adapter (~> 0.1)
      railties (~> 3.1)
      warden (~> 1.2.1)
    diff-lcs (1.2.4)
    dropbox-sdk (1.6.1)
      json
    em-http-request (1.0.3)
      addressable (>= 2.2.3)
      cookiejar
      em-socksify
      eventmachine (>= 1.0.0.beta.4)
      http_parser.rb (>= 0.5.3)
    em-socksify (0.2.1)
      eventmachine (>= 1.0.0.beta.4)
    erubis (2.7.0)
    eventmachine (1.0.3)
    excon (0.20.1)
    execjs (1.4.0)
      multi_json (~> 1.0)
    faye (0.8.9)
      cookiejar (>= 0.3.0)
      em-http-request (>= 0.3.0)
      eventmachine (>= 0.12.0)
      faye-websocket (>= 0.4.0)
      rack (>= 1.0.0)
      yajl-ruby (>= 1.0.0)
    faye-websocket (0.4.7)
      eventmachine (>= 0.12.0)
    fog (1.10.1)
      builder
      excon (~> 0.20)
      formatador (~> 0.2.0)
      mime-types
      multi_json (~> 1.0)
      net-scp (~> 1.1)
      net-ssh (>= 2.1.3)
      nokogiri (~> 1.5.0)
      ruby-hmac
    formatador (0.2.4)
    git-deploy (0.5.4)
      net-scp
      net-ssh
      thor
    haml (4.0.2)
      tilt
    heroku (3.2.2)
      heroku-api (~> 0.3.7)
      launchy (>= 0.3.2)
      netrc (~> 0.7.7)
      rest-client (~> 1.6.1)
      rubyzip
    heroku-api (0.3.9)
      excon (~> 0.20.1)
    hike (1.2.2)
    htmlentities (4.3.1)
    http_parser.rb (0.5.3)
    i18n (0.6.4)
    incoming (0.1.4)
      mail (~> 2.4)
      postmark-mitt (~> 0.0.11)
    jasminerice (0.0.9)
      coffee-rails
      haml
    journey (1.0.4)
    jquery-rails (2.2.1)
      railties (>= 3.0, < 5.0)
      thor (>= 0.14, < 2.0)
    jquery-ui-rails (4.0.2)
      jquery-rails
      railties (>= 3.1.0)
    json (1.7.7)
    json_pure (1.7.7)
    launchy (2.4.2)
      addressable (~> 2.3)
    less (2.3.2)
      commonjs (~> 0.2.6)
    less-rails (2.3.3)
      actionpack (>= 3.1)
      less (~> 2.3.1)
    libv8 (3.11.8.17)
    machinist (2.0)
    mail (2.5.4)
      mime-types (~> 1.16)
      treetop (~> 1.4.8)
    mailgun (0.6)
      multimap
      rest-client
    meta_request (0.2.3)
      rack-contrib
      railties
    mime-types (1.22)
    mini_magick (3.5.0)
      subexec (~> 0.2.1)
    multi_json (1.7.2)
    multimap (1.1.2)
    net-scp (1.1.0)
      net-ssh (>= 2.6.5)
    net-ssh (2.6.7)
    netrc (0.7.7)
    newrelic_rpm (3.6.5.130)
    nokogiri (1.5.9)
    on_the_spot (1.0.1)
      json_pure (>= 1.4.6)
    orm_adapter (0.4.0)
    pg (0.15.1)
    polyglot (0.3.3)
    postmark-mitt (0.0.11)
      json_pure
      multi_json
    premailer (1.7.9)
      css_parser (>= 1.1.9)
      htmlentities (>= 4.0.0)
    premailer-rails (1.5.1)
      premailer (~> 1.7)
      rails (>= 3)
    rack (1.4.5)
    rack-cache (1.2)
      rack (>= 0.4)
    rack-contrib (1.1.0)
      rack (>= 0.9.1)
    rack-protection (1.5.0)
      rack
    rack-ssl (1.3.3)
      rack
    rack-test (0.6.2)
      rack (>= 1.0)
    rails (3.2.15)
      actionmailer (= 3.2.15)
      actionpack (= 3.2.15)
      activerecord (= 3.2.15)
      activeresource (= 3.2.15)
      activesupport (= 3.2.15)
      bundler (~> 1.0)
      railties (= 3.2.15)
    rails3-jquery-autocomplete (1.0.11)
      rails (~> 3.0)
    rails_12factor (0.0.2)
      rails_serve_static_assets
      rails_stdout_logging
    rails_serve_static_assets (0.0.2)
    rails_stdout_logging (0.0.3)
    railties (3.2.15)
      actionpack (= 3.2.15)
      activesupport (= 3.2.15)
      rack-ssl (~> 1.3.2)
      rake (>= 0.8.7)
      rdoc (~> 3.4)
      thor (>= 0.14.6, < 2.0)
    rake (10.0.4)
    rdoc (3.12.2)
      json (~> 1.4)
    redis (3.0.4)
    redis-namespace (1.3.0)
      redis (~> 3.0.0)
    ref (1.0.4)
    rest-client (1.6.7)
      mime-types (>= 1.16)
    rspec-core (2.14.2)
    rspec-expectations (2.14.0)
      diff-lcs (>= 1.1.3, < 2.0)
    rspec-mocks (2.14.1)
    rspec-rails (2.14.0)
      actionpack (>= 3.0)
      activesupport (>= 3.0)
      railties (>= 3.0)
      rspec-core (~> 2.14.0)
      rspec-expectations (~> 2.14.0)
      rspec-mocks (~> 2.14.0)
    ruby-hmac (0.4.0)
    rubyzip (1.1.0)
    rufus-scheduler (2.0.17)
      tzinfo (>= 0.3.23)
    sanitize (2.0.6)
      nokogiri (>= 1.4.4)
    sass (3.2.7)
    sass-rails (3.2.6)
      railties (~> 3.2.0)
      sass (>= 3.1.10)
      tilt (~> 1.3)
    sidekiq (2.13.0)
      celluloid (>= 0.14.1)
      connection_pool (>= 1.0.0)
      json
      redis (>= 3.0)
      redis-namespace
    sinatra (1.3.6)
      rack (~> 1.4)
      rack-protection (~> 1.3)
      tilt (~> 1.3, >= 1.3.3)
    slim (1.3.6)
      temple (~> 0.5.5)
      tilt (~> 1.3.3)
    sprockets (2.2.2)
      hike (~> 1.2)
      multi_json (~> 1.0)
      rack (~> 1.0)
      tilt (~> 1.1, != 1.3.0)
    sqlite3 (1.3.8)
    stripe (1.8.3)
      multi_json (>= 1.0.4, < 2)
      rest-client (~> 1.4)
    subexec (0.2.3)
    temple (0.5.5)
    therubyracer (0.11.4)
      libv8 (~> 3.11.8.12)
      ref
    thor (0.18.1)
    tilt (1.3.7)
    timers (1.1.0)
    treetop (1.4.12)
      polyglot
      polyglot (>= 0.3.1)
    tzinfo (0.3.37)
    uglifier (2.0.1)
      execjs (>= 0.3.0)
      multi_json (~> 1.0, >= 1.0.2)
    warden (1.2.1)
      rack (>= 1.0)
    xpath (2.0.0)
      nokogiri (~> 1.3)
    yajl-ruby (1.1.0)

PLATFORMS
  ruby

DEPENDENCIES
  airbrake
  anjlab-bootstrap-rails (>= 3.0.0.0)
  better_errors
  binding_of_caller
  bourbon
  cancan
  capybara
  carrierwave
  client_side_validations
  coffee-rails (~> 3.2.1)
  database_cleaner
  delocalize
  devise
  dropbox-sdk
  faye
  fog (~> 1.10.1)
  font-awesome-rails!
  git-deploy
  haml
  heroku
  incoming
  jasminerice
  jquery-rails
  jquery-ui-rails
  less-rails
  machinist
  mailgun
  meta_request
  mini_magick
  newrelic_rpm
  nokogiri
  on_the_spot
  pg
  premailer-rails
  puma!
  rails (= 3.2.15)
  rails3-jquery-autocomplete (~> 1.0.4)
  rails_12factor
  rspec-rails
  rufus-scheduler
  sanitize
  sass-rails (~> 3.2.3)
  sidekiq
  sinatra
  slim
  sqlite3
  state_select!
  stripe
  therubyracer
  uglifier (>= 1.0.3)
